GEM
  remote: http://rubygems.org/
  specs:
    capistrano (2.14.1)
      highline
      net-scp (>= 1.0.0)
      net-sftp (>= 2.0.0)
      net-ssh (>= 2.0.14)
      net-ssh-gateway (>= 1.1.0)
    foreman (0.61.0)
      thor (>= 0.13.6)
    highline (1.6.15)
    net-scp (1.0.4)
      net-ssh (>= 1.99.1)
    net-sftp (2.0.5)
      net-ssh (>= 2.0.9)
    net-ssh (2.6.3)
    net-ssh-gateway (1.1.0)
      net-ssh (>= 1.99.1)
    open4 (1.3.0)
    recap (1.0.8)
      capistrano (~> 2.9)
      open4
      thor
    thor (0.17.0)

PLATFORMS
  ruby

DEPENDENCIES
  foreman
  recap
